GEM
  remote: https://rubygems.org/
  specs:
    cucumber-messages (8.0.0)
      google-protobuf (>= 3.2, <= 3.8)
      json (~> 2.2, >= 2.2.0)
    gherkin (9.0.0)
      cucumber-messages (~> 8.0, >= 8.0.0)
    google-protobuf (3.8.0)
    google-protobuf (3.8.0-universal-darwin)
    json (2.10.2)

PLATFORMS
  arm64-darwin-24
  ruby

DEPENDENCIES
  gherkin (~> 9.0)

BUNDLED WITH
   2.6.6
